GEM
  remote: https://rubygems.org/
  specs:
    MIMInputToolbar (0.0.3)
    rake (12.3.1)

PLATFORMS
  ruby

DEPENDENCIES
  MIMInputToolbar
  rake

BUNDLED WITH
   1.16.2
